GEM
  remote: http://rubygems.org/
  specs:
    gibbon (0.3.5)
      httparty (> 0.6.0)
      httparty (> 0.6.0)
      json (> 1.4.0)
      json (> 1.4.0)
      rdoc
    httparty (0.9.0)
      multi_json (~> 1.0)
      multi_xml
    json (1.7.7)
    multi_json (1.7.1)
    multi_xml (0.5.1)
    rdoc (3.12.2)
      json (~> 1.4)

PLATFORMS
  ruby

DEPENDENCIES
  gibbon
