GEM
  remote: http://rubygems.org/
  specs:
    gibbon (0.4.6)
      httparty
      multi_json (>= 1.3.4)
    httparty (0.13.1)
      json (~> 1.8)
      multi_xml (>= 0.5.2)
    json (1.8.1)
    multi_json (1.10.1)
    multi_xml (0.5.5)

PLATFORMS
  ruby

DEPENDENCIES
  gibbon (= 0.4.6)
